GEM
  remote: http://rubygems.org/
  specs:
    artii (2.0.4)
    childprocess (0.3.9)
      ffi (~> 1.0, >= 1.0.11)
    colored (1.2)
    ffi (1.9.3)
    multi_json (1.8.4)
    rmagick (2.13.2)
    rubyzip (1.1.0)
    selenium-webdriver (2.39.0)
      childprocess (>= 0.2.5)
      multi_json (~> 1.0)
      rubyzip (~> 1.0)
      websocket (~> 1.0.4)
    thread (0.1.3)
    websocket (1.0.7)

PLATFORMS
  ruby

DEPENDENCIES
  artii
  colored
  rmagick
  selenium-webdriver
  thread
